PATH
  remote: .
  specs:
    flashoff (0.0.20)

GEM
  remote: https://rubygems.org/
  specs:
    rake (10.1.1)

PLATFORMS
  ruby

DEPENDENCIES
  bundler (~> 1.3)
  flashoff!
  rake
