PATH
  remote: .
  specs:
    flashgrid (1.0.11)

GEM
  remote: https://rubygems.org/
  specs:
    rake (10.1.1)

PLATFORMS
  ruby

DEPENDENCIES
  bundler (~> 1.3)
  flashgrid!
  rake (~> 10.1)
